STORAGE: NONE
RESTRICTION: || (== net6.0) (== netstandard2.0)
NUGET
  remote: https://api.nuget.org/v3/index.json
    Fable.AST (3.1.1)
    Fable.Browser.Blob (1.1.4)
      Fable.Core (>= 3.0)
      FSharp.Core (>= 4.7.2)
    Fable.Browser.Dom (2.9)
      Fable.Browser.Blob (>= 1.1.4)
      Fable.Browser.Event (>= 1.4.6)
      Fable.Browser.WebStorage (>= 1.0.4)
      Fable.Core (>= 3.2.8)
      FSharp.Core (>= 4.7.2)
    Fable.Browser.Event (1.4.6)
      Fable.Browser.Gamepad (>= 1.0.3)
      Fable.Core (>= 3.0)
      FSharp.Core (>= 4.7.2)
    Fable.Browser.Gamepad (1.0.3)
      Fable.Core (>= 3.0)
      FSharp.Core (>= 4.7.2)
    Fable.Browser.WebStorage (1.0.4)
      Fable.Browser.Event (>= 1.4.4)
      Fable.Core (>= 3.0)
      FSharp.Core (>= 4.7.2)
    Fable.Core (3.6.1)
    Fable.Elmish (3.1)
      Fable.Core (>= 3.0)
      FSharp.Core (>= 4.6.2)
    Fable.Elmish.Browser (3.0.4)
      Fable.Browser.Dom (>= 1.0)
      Fable.Core (>= 3.0)
      Fable.Elmish (>= 3.0)
      FSharp.Core (>= 4.6.2)
    Fable.Elmish.Debugger (3.3)
      Fable.Core (>= 3.2.8)
      Fable.Elmish (>= 3.0)
      FSharp.Core (>= 4.7.2)
      Thoth.Json (>= 6.0)
    Fable.Elmish.HMR (5.2)
      Fable.Core (>= 3.0)
      Fable.Elmish.Browser (>= 3.0.4)
      Fable.Elmish.React (>= 3.0.1)
      FSharp.Core (>= 4.7.2)
    Fable.Elmish.React (3.0.1)
      Fable.Core (>= 3.0)
      Fable.Elmish (>= 3.0)
      Fable.React (>= 5.1)
      FSharp.Core (>= 4.6.2)
    Fable.Promise (3.1.3)
      Fable.Core (>= 3.1.5)
      FSharp.Core (>= 4.7.2)
    Fable.React (7.4.3)
      Fable.Browser.Dom (>= 2.4.4)
      Fable.Core (>= 3.2.7)
      FSharp.Core (>= 4.7.2)
    Feliz (1.57)
      Fable.Core (>= 3.1.5)
      Fable.React (>= 7.4)
      Feliz.CompilerPlugins (>= 1.6)
      FSharp.Core (>= 4.7.2)
    Feliz.CompilerPlugins (1.6)
      Fable.AST (>= 3.0)
      FSharp.Core (>= 4.7.2)
    Feliz.DaisyUI (1.4)
      Feliz (>= 1.32)
      FSharp.Core (>= 4.7.2)
    Feliz.Router (3.8)
      Fable.Core (>= 3.1.6)
      Fable.Elmish (>= 3.1)
      Feliz (>= 1.28)
      Feliz.UseListener (>= 0.6.3)
      FSharp.Core (>= 4.7.2)
    Feliz.UseElmish (1.6)
      Fable.Elmish (>= 3.0.6)
      Feliz (>= 1.55)
      FSharp.Core (>= 4.7.2)
    Feliz.UseListener (0.6.3)
      Fable.Core (>= 3.1.6 < 4.0)
      Feliz (>= 1.17 < 2.0)
      FSharp.Core (>= 4.7.2)
    FSharp.Core (6.0.1)
    FsToolkit.ErrorHandling (2.13)
      FSharp.Core (>= 4.7.2)
    FsToolkit.ErrorHandling.TaskResult (2.13)
      FsToolkit.ErrorHandling (>= 2.13)
      Ply (>= 0.3.1)
    Ply (0.3.1)
      FSharp.Core (>= 4.6.2)
      System.Threading.Tasks.Extensions (>= 4.5.4)
    System.Runtime.CompilerServices.Unsafe (6.0) - restriction: || (&& (== net6.0) (>= net461)) (&& (== net6.0) (< netcoreapp2.1)) (&& (== net6.0) (< netstandard1.0)) (&& (== net6.0) (< netstandard2.0)) (&& (== net6.0) (>= wp8)) (== netstandard2.0)
    System.Threading.Tasks.Extensions (4.5.4)
      System.Runtime.CompilerServices.Unsafe (>= 4.5.3) - restriction: || (&& (== net6.0) (>= net461)) (&& (== net6.0) (< netcoreapp2.1)) (&& (== net6.0) (< netstandard1.0)) (&& (== net6.0) (< netstandard2.0)) (&& (== net6.0) (>= wp8)) (== netstandard2.0)
    Thoth.Json (7.0)
      Fable.Core (>= 3.1.6)
      FSharp.Core (>= 4.7.2)
